GEM
  remote: https://rubygems.org/
  specs:
    homesick (1.0.0)
      thor (>= 0.14.0)
    net-scp (1.1.2)
      net-ssh (>= 2.6.5)
    net-ssh (2.8.0)
    sshkit (1.3.0)
      net-scp (>= 1.1.2)
      net-ssh
      term-ansicolor
    term-ansicolor (1.3.0)
      tins (~> 1.0)
    thor (0.19.1)
    tins (1.0.0)

PLATFORMS
  ruby

DEPENDENCIES
  homesick
  sshkit
