GEM
  remote: https://rubygems.org/
  specs:
    act (0.0.2)
      activesupport
      claide (~> 0.5)
      colored (~> 1.2)
    activesupport (4.1.0)
      i18n (~> 0.6, >= 0.6.9)
      json (~> 1.7, >= 1.7.7)
      minitest (~> 5.1)
      thread_safe (~> 0.1)
      tzinfo (~> 1.1)
    claide (0.5.0)
    colored (1.2)
    homesick (1.0.0)
      thor (>= 0.14.0)
    i18n (0.6.9)
    json (1.8.1)
    minitest (5.3.2)
    net-scp (1.1.2)
      net-ssh (>= 2.6.5)
    net-ssh (2.8.0)
    sshkit (1.3.0)
      net-scp (>= 1.1.2)
      net-ssh
      term-ansicolor
    term-ansicolor (1.3.0)
      tins (~> 1.0)
    thor (0.19.1)
    thread_safe (0.3.3)
    tins (1.0.0)
    tzinfo (1.1.0)
      thread_safe (~> 0.1)

PLATFORMS
  ruby

DEPENDENCIES
  act
  homesick
  sshkit
